GIT
  remote: https://github.com/3scale/ci_reporter_shell.git
  revision: 30b30d655512891f56463e5f1fa125ea1f2df886
  specs:
    ci_reporter_shell (0.1.0)
      ci_reporter (~> 2.0)

GIT
  remote: https://github.com/3scale/httpclient.git
  revision: 779beabd653afcd03c4468e0a69dc043f3bbb748
  branch: ssl-env-cert
  specs:
    httpclient (2.8.3)

GIT
  remote: https://github.com/3scale/rspec-html-matchers.git
  revision: 58b19212afcf66540da729214287d85f586fa7cd
  branch: fix/rspec-3-with-xml-document
  specs:
    rspec-html-matchers (0.9.1)
      nokogiri (~> 1)
      rspec (>= 3.0.0.a, < 4)

GIT
  remote: https://github.com/3scale/swagger-ui_rails.git
  revision: 13968af8f2845f448a0b88c4ffe4cf93477c90fa
  branch: dev
  specs:
    swagger-ui_rails (0.1.7)

GIT
  remote: https://github.com/3scale/swagger-ui_rails.git
  revision: f88bb8bed4fdb57fcf5be6425f3fc10c638788d1
  branch: dev-2.1.3
  specs:
    swagger-ui_rails2 (0.1.7)

GIT
  remote: https://github.com/prawnpdf/prawn-table.git
  revision: 38b5bdb5dd95237646675c968091706f57a7a641
  branch: 38b5bdb5dd95237646675c968091706f57a7a641
  specs:
    prawn-table (0.2.3)
      prawn (>= 1.3.0, < 3.0.0)

PATH
  remote: lib/developer_portal
  specs:
    developer_portal (1.0.0)
      liquid (~> 3.0.6)
      railties (>= 3.2)

PATH
  remote: vendor/active-docs
  specs:
    active-docs (1.0.0)
      railties (> 3.1)

GEM
  remote: https://rubygems.org/
  specs:
    3scale_client (2.11.0)
      nokogiri
    3scale_time_range (0.0.6)
      activesupport (>= 3.2.19)
    Ascii85 (1.1.0)
    RedCloth (4.3.3)
    actioncable (7.1.5.2)
      actionpack (= 7.1.5.2)
      activesupport (= 7.1.5.2)
      nio4r (~> 2.0)
      websocket-driver (>= 0.6.1)
      zeitwerk (~> 2.6)
    actionmailbox (7.1.5.2)
      actionpack (= 7.1.5.2)
      activejob (= 7.1.5.2)
      activerecord (= 7.1.5.2)
      activestorage (= 7.1.5.2)
      activesupport (= 7.1.5.2)
      mail (>= 2.7.1)
      net-imap
      net-pop
      net-smtp
    actionmailer (7.1.5.2)
      actionpack (= 7.1.5.2)
      actionview (= 7.1.5.2)
      activejob (= 7.1.5.2)
      activesupport (= 7.1.5.2)
      mail (~> 2.5, >= 2.5.4)
      net-imap
      net-pop
      net-smtp
      rails-dom-testing (~> 2.2)
    actionpack (7.1.5.2)
      actionview (= 7.1.5.2)
      activesupport (= 7.1.5.2)
      nokogiri (>= 1.8.5)
      racc
      rack (>= 2.2.4)
      rack-session (>= 1.0.1)
      rack-test (>= 0.6.3)
      rails-dom-testing (~> 2.2)
      rails-html-sanitizer (~> 1.6)
    actiontext (7.1.5.2)
      actionpack (= 7.1.5.2)
      activerecord (= 7.1.5.2)
      activestorage (= 7.1.5.2)
      activesupport (= 7.1.5.2)
      globalid (>= 0.6.0)
      nokogiri (>= 1.8.5)
    actionview (7.1.5.2)
      activesupport (= 7.1.5.2)
      builder (~> 3.1)
      erubi (~> 1.11)
      rails-dom-testing (~> 2.2)
      rails-html-sanitizer (~> 1.6)
    active_record_query_trace (1.8.2)
      activerecord (>= 6.0.0)
    activejob (7.1.5.2)
      activesupport (= 7.1.5.2)
      globalid (>= 0.3.6)
    activejob-uniqueness (0.4.0)
      activejob (>= 4.2, < 8.1)
      redlock (>= 2.0, < 3)
    activemerchant (1.137.0)
      activesupport (>= 4.2)
      builder (>= 2.1.2, < 4.0.0)
      i18n (>= 0.6.9)
      nokogiri (~> 1.4)
      rexml (~> 3.3, >= 3.3.4)
    activemodel (7.1.5.2)
      activesupport (= 7.1.5.2)
    activemodel-serializers-xml (1.0.2)
      activemodel (> 5.x)
      activesupport (> 5.x)
      builder (~> 3.1)
    activerecord (7.1.5.2)
      activemodel (= 7.1.5.2)
      activesupport (= 7.1.5.2)
      timeout (>= 0.4.0)
    activerecord-oracle_enhanced-adapter (7.1.0)
      activerecord (~> 7.1.0)
      ruby-oci8
      ruby-plsql (>= 0.6.0)
    activestorage (7.1.5.2)
      actionpack (= 7.1.5.2)
      activejob (= 7.1.5.2)
      activerecord (= 7.1.5.2)
      activesupport (= 7.1.5.2)
      marcel (~> 1.0)
    activesupport (7.1.5.2)
      base64
      benchmark (>= 0.3)
      bigdecimal
      concurrent-ruby (~> 1.0, >= 1.0.2)
      connection_pool (>= 2.2.5)
      drb
      i18n (>= 1.6, < 2)
      logger (>= 1.4.2)
      minitest (>= 5.1)
      mutex_m
      securerandom (>= 0.3)
      tzinfo (~> 2.0)
    acts-as-taggable-on (11.0.0)
      activerecord (>= 7.0, < 8.0)
      zeitwerk (>= 2.4, < 3.0)
    acts_as_list (0.9.17)
      activerecord (>= 3.0)
    acts_as_tree (2.9.1)
      activerecord (>= 3.0.0)
    addressable (2.8.7)
      public_suffix (>= 2.0.2, < 7.0)
    afm (0.2.2)
    after_commit_queue (1.1.0)
      rails (>= 3.0)
    aggregate_root (0.3.6)
      activesupport (>= 3.0)
    analytics-ruby (2.2.8)
    ansi (1.5.0)
    anyway_config (2.7.2)
      ruby-next-core (~> 1.0)
    ast (2.4.2)
    audited (5.4.3)
      activerecord (>= 5.0, < 7.2)
      request_store (~> 1.2)
    aws-eventstream (1.2.0)
    aws-partitions (1.607.0)
    aws-record (2.7.0)
      aws-sdk-dynamodb (~> 1.18)
    aws-sdk-core (3.131.2)
      aws-eventstream (~> 1, >= 1.0.2)
      aws-partitions (~> 1, >= 1.525.0)
      aws-sigv4 (~> 1.1)
      jmespath (~> 1, >= 1.6.1)
    aws-sdk-dynamodb (1.75.0)
      aws-sdk-core (~> 3, >= 3.127.0)
      aws-sigv4 (~> 1.1)
    aws-sdk-kms (1.57.0)
      aws-sdk-core (~> 3, >= 3.127.0)
      aws-sigv4 (~> 1.1)
    aws-sdk-rails (3.6.2)
      aws-record (~> 2)
      aws-sdk-ses (~> 1)
      aws-sdk-sqs (~> 1)
      aws-sessionstore-dynamodb (~> 2)
      concurrent-ruby (~> 1)
      railties (>= 5.2.0)
    aws-sdk-s3 (1.114.0)
      aws-sdk-core (~> 3, >= 3.127.0)
      aws-sdk-kms (~> 1)
      aws-sigv4 (~> 1.4)
    aws-sdk-ses (1.47.0)
      aws-sdk-core (~> 3, >= 3.127.0)
      aws-sigv4 (~> 1.1)
    aws-sdk-sqs (1.51.1)
      aws-sdk-core (~> 3, >= 3.127.0)
      aws-sigv4 (~> 1.1)
    aws-sessionstore-dynamodb (2.0.1)
      aws-sdk-dynamodb (~> 1)
      rack (~> 2)
    aws-sigv4 (1.5.0)
      aws-eventstream (~> 1, >= 1.0.2)
    baby_squeel (3.0.0)
      activerecord (>= 6.1.5, < 7.2)
      ransack (~> 4.1)
    base64 (0.3.0)
    bcrypt (3.1.13)
    benchmark (0.4.1)
    bigdecimal (3.2.2)
    binding_of_caller (1.0.0)
      debug_inspector (>= 0.0.1)
    bootsnap (1.16.0)
      msgpack (~> 1.2)
    braintree (4.25.0)
      builder (>= 3.2.4)
      rexml (>= 3.1.9)
    browser (5.3.1)
    bugsnag (6.26.3)
      concurrent-ruby (~> 1.0)
    builder (3.3.0)
    bullet (7.1.6)
      activesupport (>= 3.0.0)
      uniform_notifier (~> 1.11)
    byebug (11.1.3)
    cancancan (3.6.1)
    capybara (3.40.0)
      addressable
      matrix
      mini_mime (>= 0.1.3)
      nokogiri (~> 1.11)
      rack (>= 1.6.0)
      rack-test (>= 0.6.3)
      regexp_parser (>= 1.5, < 3.0)
      xpath (~> 3.2)
    cgi (0.4.2)
    childprocess (3.0.0)
    chronic (0.10.2)
    ci_reporter (2.0.0)
      builder (>= 2.1.2)
    climate_control (0.2.0)
    coderay (1.1.3)
    coffee-rails (5.0.0)
      coffee-script (>= 2.2.0)
      railties (>= 5.2.0)
    coffee-script (2.4.1)
      coffee-script-source
      execjs
    coffee-script-source (1.12.2)
    colorize (0.8.1)
    commonmarker (0.23.10)
    concurrent-ruby (1.3.5)
    connection_pool (2.5.3)
    crack (1.0.0)
      bigdecimal
      rexml
    crass (1.0.6)
    css_parser (1.12.0)
      addressable
    cucumber (7.1.0)
      builder (~> 3.2, >= 3.2.4)
      cucumber-core (~> 10.1, >= 10.1.0)
      cucumber-create-meta (~> 6.0, >= 6.0.1)
      cucumber-cucumber-expressions (~> 14.0, >= 14.0.0)
      cucumber-gherkin (~> 22.0, >= 22.0.0)
      cucumber-html-formatter (~> 17.0, >= 17.0.0)
      cucumber-messages (~> 17.1, >= 17.1.1)
      cucumber-wire (~> 6.2, >= 6.2.0)
      diff-lcs (~> 1.4, >= 1.4.4)
      mime-types (~> 3.3, >= 3.3.1)
      multi_test (~> 0.1, >= 0.1.2)
      sys-uname (~> 1.2, >= 1.2.2)
    cucumber-core (10.1.1)
      cucumber-gherkin (~> 22.0, >= 22.0.0)
      cucumber-messages (~> 17.1, >= 17.1.1)
      cucumber-tag-expressions (~> 4.1, >= 4.1.0)
    cucumber-create-meta (6.0.4)
      cucumber-messages (~> 17.1, >= 17.1.1)
      sys-uname (~> 1.2, >= 1.2.2)
    cucumber-cucumber-expressions (14.0.0)
    cucumber-gherkin (22.0.0)
      cucumber-messages (~> 17.1, >= 17.1.1)
    cucumber-html-formatter (17.0.0)
      cucumber-messages (~> 17.1, >= 17.1.0)
    cucumber-messages (17.1.1)
    cucumber-rails (3.0.0)
      capybara (>= 3.11, < 4)
      cucumber (>= 5, < 10)
      railties (>= 5.2, < 8)
    cucumber-tag-expressions (4.1.0)
    cucumber-wire (6.2.1)
      cucumber-core (~> 10.1, >= 10.1.0)
      cucumber-cucumber-expressions (~> 14.0, >= 14.0.0)
    dalli (3.2.4)
    database_cleaner (2.0.2)
      database_cleaner-active_record (>= 2, < 3)
    database_cleaner-active_record (2.1.0)
      activerecord (>= 5.a)
      database_cleaner-core (~> 2.0.0)
    database_cleaner-core (2.0.1)
    date (3.4.1)
    debug_inspector (1.1.0)
    declarative (0.0.20)
    declarative-builder (0.1.0)
      declarative-option (< 0.2.0)
    declarative-option (0.1.0)
    diff-lcs (1.5.1)
    diffy (3.4.2)
    disposable (0.4.7)
      declarative (>= 0.0.9, < 1.0.0)
      declarative-builder (< 0.2.0)
      declarative-option (< 0.2.0)
      representable (>= 2.4.0, <= 3.1.0)
      uber (< 0.2.0)
    docile (1.4.1)
    domain_name (0.5.20190701)
      unf (>= 0.0.5, < 1.0.0)
    dotenv (2.8.1)
    dotenv-rails (2.8.1)
      dotenv (= 2.8.1)
      railties (>= 3.2)
    draper (4.0.2)
      actionpack (>= 5.0)
      activemodel (>= 5.0)
      activemodel-serializers-xml (>= 1.0)
      activesupport (>= 5.0)
      request_store (>= 1.0)
      ruby2_keywords
    drb (2.2.3)
    dry-initializer (3.0.4)
    email_spec (2.2.0)
      htmlentities (~> 4.3.3)
      launchy (~> 2.1)
      mail (~> 2.7)
    equivalent-xml (0.6.0)
      nokogiri (>= 1.4.3)
    erb (4.0.4)
      cgi (>= 0.3.3)
    erubi (1.13.1)
    escape_utils (1.2.1)
    et-orbi (1.2.11)
      tzinfo
    execjs (2.8.1)
    factory_bot (6.2.0)
      activesupport (>= 5.0.0)
    factory_bot_rails (6.2.0)
      factory_bot (~> 6.2.0)
      railties (>= 5.0.0)
    fakefs (1.8.0)
    faraday (2.8.1)
      base64
      faraday-net_http (>= 2.0, < 3.1)
      ruby2_keywords (>= 0.0.4)
    faraday-net_http (3.0.2)
    faraday-net_http_persistent (2.1.0)
      faraday (~> 2.5)
      net-http-persistent (~> 4.0)
    ffi (1.17.0)
    ffi-compiler (1.0.1)
      ffi (>= 1.0.0)
      rake
    font-awesome-rails (4.7.0.8)
      railties (>= 3.2, < 8.0)
    formtastic (5.0.0)
      actionpack (>= 6.0.0)
    fugit (1.11.1)
      et-orbi (~> 1, >= 1.2.11)
      raabro (~> 1.4)
    globalid (1.2.1)
      activesupport (>= 6.1)
    hana (1.3.7)
    has_scope (0.8.2)
      actionpack (>= 5.2)
      activesupport (>= 5.2)
    hashdiff (1.1.1)
    hashery (2.1.2)
    hashie (3.6.0)
    hiredis-client (0.22.2)
      redis-client (= 0.22.2)
    html-pipeline (2.14.3)
      activesupport (>= 2)
      nokogiri (>= 1.4)
    htmlentities (4.3.4)
    http (4.4.1)
      addressable (~> 2.3)
      http-cookie (~> 1.0)
      http-form_data (~> 2.2)
      http-parser (~> 1.2.0)
    http-cookie (1.0.4)
      domain_name (~> 0.5)
    http-form_data (2.3.0)
    http-parser (1.2.3)
      ffi-compiler (>= 1.0, < 2.0)
    i18n (1.14.7)
      concurrent-ruby (~> 1.0)
    inherited_resources (1.14.0)
      actionpack (>= 6.0)
      has_scope (>= 0.6)
      railties (>= 6.0)
      responders (>= 2)
    injectedlogger (0.0.13)
    innertube (1.1.0)
    io-console (0.5.11)
    irb (1.15.2)
      pp (>= 0.6.0)
      rdoc (>= 4.0.0)
      reline (>= 0.4.2)
    jmespath (1.6.1)
    joiner (0.6.0)
      activerecord (>= 6.1.0)
    jquery-rails (4.6.0)
      rails-dom-testing (>= 1, < 3)
      railties (>= 4.2.0)
      thor (>= 0.14, < 2.0)
    json (2.7.1)
    json-schema (5.1.1)
      addressable (~> 2.8)
      bigdecimal (~> 3.1)
    json_schemer (2.4.0)
      bigdecimal
      hana (~> 1.3)
      regexp_parser (~> 2.0)
      simpleidn (~> 0.2)
    jsonpath (1.1.2)
      multi_json
    jwt (1.5.6)
    kgio (2.11.4)
    kramdown (2.4.0)
      rexml
    kt-paperclip (7.2.1)
      activemodel (>= 4.2.0)
      activesupport (>= 4.2.0)
      marcel (~> 1.0.1)
      mime-types
      terrapin (~> 0.6.0)
    kubeclient (4.9.3)
      http (>= 3.0, < 5.0)
      jsonpath (~> 1.0)
      recursive-open-struct (~> 1.1, >= 1.1.1)
      rest-client (~> 2.0)
    kwalify (0.7.2)
    launchy (2.4.3)
      addressable (~> 2.3)
    letter_opener (1.7.0)
      launchy (~> 2.2)
    libxml-ruby (5.0.3)
    license_finder (7.1.0)
      bundler
      rubyzip (>= 1, < 3)
      thor (~> 1.2)
      tomlrb (>= 1.3, < 2.1)
      with_env (= 1.1.0)
      xml-simple (~> 1.1.9)
    liquid (3.0.6)
    listen (3.9.0)
      rb-fsevent (~> 0.10, >= 0.10.3)
      rb-inotify (~> 0.9, >= 0.9.10)
    local-fastimage (3.1.3)
    local-fastimage_resize (3.4.0)
      local-fastimage (~> 3.0)
    logger (1.7.0)
    loofah (2.24.0)
      crass (~> 1.0.2)
      nokogiri (>= 1.12.0)
    mail (2.8.1)
      mini_mime (>= 0.1.1)
      net-imap
      net-pop
      net-smtp
    mail_view (2.0.4)
      tilt
    marcel (1.0.4)
    matrix (0.4.2)
    mechanize (2.7.7)
      domain_name (~> 0.5, >= 0.5.1)
      http-cookie (~> 1.0)
      mime-types (>= 1.17.2)
      net-http-digest_auth (~> 1.1, >= 1.1.1)
      net-http-persistent (>= 2.5.2)
      nokogiri (~> 1.6)
      ntlm-http (~> 0.1, >= 0.1.1)
      webrick (~> 1.7)
      webrobots (>= 0.0.9, < 0.2)
    method_source (1.1.0)
    middleware (0.1.0)
    mime-types (3.5.2)
      mime-types-data (~> 3.2015)
    mime-types-data (3.2024.0507)
    mimemagic (0.3.10)
      nokogiri (~> 1)
      rake
    mini_mime (1.1.5)
    mini_portile2 (2.8.9)
    minitest (5.10.3)
    minitest-ci (3.4.0)
      minitest (>= 5.0.6)
    minitest-reporters (1.4.3)
      ansi
      builder
      minitest (>= 5.0)
      ruby-progressbar
    minitest-stub-const (0.6)
    mocha (2.1.0)
      ruby2_keywords (>= 0.0.5)
    msgpack (1.7.1)
    multi_json (1.15.0)
    multi_test (0.1.2)
    multi_xml (0.6.0)
    mustache (1.1.1)
    mutex_m (0.3.0)
    mysql2 (0.5.6)
    n_plus_one_control (0.6.2)
    net-http-digest_auth (1.4.1)
    net-http-persistent (4.0.2)
      connection_pool (~> 2.2)
    net-imap (0.5.7)
      date
      net-protocol
    net-pop (0.1.2)
      net-protocol
    net-protocol (0.2.2)
      timeout
    net-smtp (0.5.0)
      net-protocol
    netrc (0.11.0)
    nio4r (2.7.4)
    nokogiri (1.18.9)
      mini_portile2 (~> 2.8.2)
      racc (~> 1.4)
    non-stupid-digest-assets (1.0.9)
      sprockets (>= 2.0)
    ntlm-http (0.1.1)
    oauth2 (2.0.9)
      faraday (>= 0.17.3, < 3.0)
      jwt (>= 1.0, < 3.0)
      multi_xml (~> 0.5)
      rack (>= 1.2, < 4)
      snaky_hash (~> 2.0)
      version_gem (~> 1.1)
    open_id_authentication (1.3.0)
      rack-openid (~> 1.3)
    parallel (1.22.1)
    parser (3.1.3.0)
      ast (~> 2.4.1)
    pastel (0.8.0)
      tty-color (~> 0.5)
    pdf-core (0.9.0)
    pdf-inspector (1.3.0)
      pdf-reader (>= 1.0, < 3.0.a)
    pdf-reader (2.11.0)
      Ascii85 (~> 1.0)
      afm (~> 0.2.1)
      hashery (~> 2.0)
      ruby-rc4
      ttfunk
    pg (1.3.5)
    pisoni (1.30.0)
      faraday (~> 2.0, <= 2.9)
      faraday-net_http_persistent (~> 2.1)
      injectedlogger (= 0.0.13)
      json (~> 2.7, >= 2.7.1)
    pp (0.6.2)
      prettyprint
    prawn (2.4.0)
      pdf-core (~> 0.9.0)
      ttfunk (~> 1.7)
    prawn-svg (0.32.0)
      css_parser (~> 1.6)
      prawn (>= 0.11.1, < 3)
      rexml (~> 3.2)
    prettyprint (0.2.0)
    prometheus-client-mmap (0.28.0)
      rb_sys (~> 0.9)
    protected_attributes_continued (1.9.0)
      activemodel (>= 5.0)
    pry (0.13.1)
      coderay (~> 1.1)
      method_source (~> 1.0)
    pry-byebug (3.9.0)
      byebug (~> 11.0)
      pry (~> 0.13.0)
    pry-doc (1.3.0)
      pry (~> 0.11)
      yard (~> 0.9.11)
    pry-rails (0.3.9)
      pry (>= 0.10.4)
    pry-shell (0.5.0)
      pry (~> 0.13.0)
      tty-markdown
      tty-prompt
    pry-stack_explorer (0.6.1)
      binding_of_caller (~> 1.0)
      pry (~> 0.13)
    psych (5.2.6)
      date
      stringio
    public_suffix (6.0.1)
    raabro (1.4.0)
    racc (1.8.1)
    rack (2.2.18)
    rack-cors (1.1.1)
      rack (>= 2.0.0)
    rack-no_animations (1.0.3)
    rack-openid (1.4.2)
      rack (>= 1.1.0)
      ruby-openid (>= 2.1.8)
    rack-session (1.0.2)
      rack (< 3)
    rack-test (2.2.0)
      rack (>= 1.3)
    rack-utf8_sanitizer (1.9.1)
      rack (>= 1.0, < 4.0)
    rack-x_served_by (0.1.1)
    rackup (1.0.1)
      rack (< 3)
      webrick
    rails (7.1.5.2)
      actioncable (= 7.1.5.2)
      actionmailbox (= 7.1.5.2)
      actionmailer (= 7.1.5.2)
      actionpack (= 7.1.5.2)
      actiontext (= 7.1.5.2)
      actionview (= 7.1.5.2)
      activejob (= 7.1.5.2)
      activemodel (= 7.1.5.2)
      activerecord (= 7.1.5.2)
      activestorage (= 7.1.5.2)
      activesupport (= 7.1.5.2)
      bundler (>= 1.15.0)
      railties (= 7.1.5.2)
    rails-controller-testing (1.0.5)
      actionpack (>= 5.0.1.rc1)
      actionview (>= 5.0.1.rc1)
      activesupport (>= 5.0.1.rc1)
    rails-dom-testing (2.2.0)
      activesupport (>= 5.0.0)
      minitest
      nokogiri (>= 1.6)
    rails-html-sanitizer (1.6.2)
      loofah (~> 2.21)
      nokogiri (>= 1.15.7, != 1.16.7, != 1.16.6, != 1.16.5, != 1.16.4, != 1.16.3, != 1.16.2, != 1.16.1, != 1.16.0.rc1, != 1.16.0)
    rails-observers (0.1.5)
      activemodel (>= 4.0)
    rails_event_store (0.9.0)
      activemodel (>= 3.0)
      activesupport (>= 3.0)
      aggregate_root (~> 0.3.1)
      rails_event_store_active_record (~> 0.6.3)
      ruby_event_store (~> 0.9.0)
    rails_event_store_active_record (0.6.3)
      activemodel (>= 3.0)
      activesupport (>= 3.0)
      ruby_event_store (~> 0.9.0)
    railties (7.1.5.2)
      actionpack (= 7.1.5.2)
      activesupport (= 7.1.5.2)
      irb
      rackup (>= 1.0.0)
      rake (>= 12.2)
      thor (~> 1.0, >= 1.2.2)
      zeitwerk (~> 2.6)
    rainbow (3.1.1)
    raindrops (0.20.1)
    rake (13.2.1)
    ransack (4.2.1)
      activerecord (>= 6.1.5)
      activesupport (>= 6.1.5)
      i18n
    ratelimit (1.0.3)
      redis (>= 2.0.0)
      redis-namespace (>= 1.0.0)
    rb-fsevent (0.11.2)
    rb-inotify (0.11.1)
      ffi (~> 1.0)
    rb_sys (0.9.81)
    rbtree (0.4.6)
    rdoc (6.14.0)
      erb
      psych (>= 4.0.0)
    recaptcha (5.16.0)
    recursive-open-struct (1.1.3)
    redcarpet (3.5.1)
    redis (5.3.0)
      redis-client (>= 0.22.0)
    redis-client (0.22.2)
      connection_pool
    redis-namespace (1.11.0)
      redis (>= 4)
    redis-prescription (2.6.0)
    redlock (2.0.6)
      redis-client (>= 0.14.1, < 1.0.0)
    reek (6.1.0)
      kwalify (~> 0.7.0)
      parser (~> 3.1.0)
      rainbow (>= 2.0, < 4.0)
    reform (2.3.3)
      disposable (>= 0.4.2, < 0.5.0)
      representable (>= 2.4.0, < 3.1.0)
      uber (< 0.2.0)
    reform-rails (0.2.6)
      activemodel (>= 5.0)
      reform (>= 2.3.1, < 3.0.0)
    regexp_parser (2.10.0)
    reline (0.6.1)
      io-console (~> 0.5)
    representable (3.0.4)
      declarative (< 0.1.0)
      declarative-option (< 0.2.0)
      uber (< 0.2.0)
    request_store (1.7.0)
      rack (>= 1.4)
    responders (3.1.1)
      actionpack (>= 5.2)
      railties (>= 5.2)
    rest-client (2.0.2)
      http-cookie (>= 1.0.2, < 2.0)
      mime-types (>= 1.16, < 4.0)
      netrc (~> 0.8)
    rexml (3.3.9)
    riddle (2.4.3)
    roar (1.1.1)
      representable (~> 3.0)
    roar-rails (1.1.0)
      actionpack
      railties (>= 3.0.0)
      responders
      roar (~> 1.1.0)
      test_xml (>= 0.1.6)
      uber (< 0.2.0)
    rouge (3.28.0)
    rspec (3.13.0)
      rspec-core (~> 3.13.0)
      rspec-expectations (~> 3.13.0)
      rspec-mocks (~> 3.13.0)
    rspec-core (3.13.2)
      rspec-support (~> 3.13.0)
    rspec-expectations (3.13.3)
      diff-lcs (>= 1.2.0, < 2.0)
      rspec-support (~> 3.13.0)
    rspec-mocks (3.13.2)
      diff-lcs (>= 1.2.0, < 2.0)
      rspec-support (~> 3.13.0)
    rspec-rails (7.1.0)
      actionpack (>= 7.0)
      activesupport (>= 7.0)
      railties (>= 7.0)
      rspec-core (~> 3.13)
      rspec-expectations (~> 3.13)
      rspec-mocks (~> 3.13)
      rspec-support (~> 3.13)
    rspec-support (3.13.1)
    rspec_api_documentation (6.1.0)
      activesupport (>= 3.0.0)
      mustache (~> 1.0, >= 0.99.4)
      rspec (~> 3.0)
    rspec_junit_formatter (0.4.1)
      rspec-core (>= 2, < 4, != 2.12.0)
    rubocop (1.39.0)
      json (~> 2.3)
      parallel (~> 1.10)
      parser (>= 3.1.2.1)
      rainbow (>= 2.2.2, < 4.0)
      regexp_parser (>= 1.8, < 3.0)
      rexml (>= 3.2.5, < 4.0)
      rubocop-ast (>= 1.23.0, < 2.0)
      ruby-progressbar (~> 1.7)
      unicode-display_width (>= 1.4.0, < 3.0)
    rubocop-ast (1.24.0)
      parser (>= 3.1.1.0)
    rubocop-performance (1.8.1)
      rubocop (>= 0.87.0)
      rubocop-ast (>= 0.4.0)
    rubocop-rails (2.8.1)
      activesupport (>= 4.2.0)
      rack (>= 1.1)
      rubocop (>= 0.87.0)
    ruby-next-core (1.1.1)
    ruby-oci8 (2.2.12)
    ruby-openid (2.9.2)
    ruby-plsql (0.8.0)
    ruby-prof (1.6.3)
    ruby-progressbar (1.11.0)
    ruby-rc4 (0.1.5)
    ruby2_keywords (0.0.5)
    ruby_event_store (0.9.0)
    rubyzip (1.3.0)
    sass (3.4.25)
    sass-rails (5.0.8)
      railties (>= 5.2.0)
      sass (~> 3.1)
      sprockets (>= 2.8, < 4.0)
      sprockets-rails (>= 2.0, < 4.0)
      tilt (>= 1.1, < 3)
    secure_headers (6.3.0)
    securerandom (0.4.1)
    selenium-webdriver (4.25.0)
      base64 (~> 0.2)
      logger (~> 1.4)
      rexml (~> 3.2, >= 3.2.5)
      rubyzip (>= 1.2.2, < 3.0)
      websocket (~> 1.0)
    set (1.1.0)
    shoulda (4.0.0)
      shoulda-context (~> 2.0)
      shoulda-matchers (~> 4.0)
    shoulda-context (2.0.0)
    shoulda-matchers (4.5.1)
      activesupport (>= 4.2.0)
    sidekiq (7.3.2)
      concurrent-ruby (< 2)
      connection_pool (>= 2.3.0)
      logger
      rack (>= 2.2.4)
      redis-client (>= 0.22.2)
    sidekiq-batch (0.2.0)
      sidekiq (>= 7, < 8)
    sidekiq-cron (1.12.0)
      fugit (~> 1.8)
      globalid (>= 1.0.1)
      sidekiq (>= 6)
    sidekiq-throttled (1.4.0)
      concurrent-ruby (>= 1.2.0)
      redis-prescription (~> 2.2)
      sidekiq (>= 6.5)
    simplecov (0.22.0)
      docile (~> 1.1)
      simplecov-html (~> 0.11)
      simplecov_json_formatter (~> 0.1)
    simplecov-cobertura (2.1.0)
      rexml
      simplecov (~> 0.19)
    simplecov-html (0.12.3)
    simplecov_json_formatter (0.1.4)
    simpleidn (0.2.3)
    slim (4.0.1)
      temple (>= 0.7.6, < 0.9)
      tilt (>= 2.0.6, < 2.1)
    slim-rails (3.2.0)
      actionpack (>= 3.1)
      railties (>= 3.1)
      slim (>= 3.0, < 5.0)
    snaky_hash (2.0.1)
      hashie
      version_gem (~> 1.1, >= 1.1.1)
    sorted_set (1.0.3)
      rbtree
      set (~> 1.0)
    sprockets (3.7.5)
      base64
      concurrent-ruby (~> 1.0)
      rack (> 1, < 3)
    sprockets-rails (3.5.2)
      actionpack (>= 6.1)
      activesupport (>= 6.1)
      sprockets (>= 3.0.0)
    state_machines (0.5.0)
    state_machines-activemodel (0.8.0)
      activemodel (>= 5.1)
      state_machines (>= 0.5.0)
    state_machines-activerecord (0.8.0)
      activerecord (>= 5.1)
      state_machines-activemodel (>= 0.8.0)
    statsd-ruby (1.4.0)
    stringio (3.1.7)
    strings (0.2.1)
      strings-ansi (~> 0.2)
      unicode-display_width (>= 1.5, < 3.0)
      unicode_utils (~> 1.4)
    strings-ansi (0.2.0)
    stripe (5.28.0)
    strong_migrations (2.1.0)
      activerecord (>= 6.1)
    svg-graph (2.2.1)
    sys-uname (1.2.3)
      ffi (~> 1.1)
    temple (0.8.1)
    terrapin (0.6.0)
      climate_control (>= 0.0.3, < 1.0)
    test_xml (0.1.8)
      diffy (~> 3.0)
      nokogiri (>= 1.3.2)
    thinking-sphinx (5.6.0)
      activerecord (>= 4.2.0)
      builder (>= 2.1.2)
      innertube (>= 1.0.2)
      joiner (>= 0.3.4)
      middleware (>= 0.1.0)
      riddle (~> 2.3)
    thor (1.4.0)
    tilt (2.0.11)
    timeout (0.4.3)
    tomlrb (2.0.3)
    ts-datetime-delta (2.0.2)
      thinking-sphinx (>= 1.3.8)
    ttfunk (1.7.0)
    tty-color (0.6.0)
    tty-cursor (0.7.1)
    tty-markdown (0.7.0)
      kramdown (>= 1.16.2, < 3.0)
      pastel (~> 0.8)
      rouge (~> 3.14)
      strings (~> 0.2.0)
      tty-color (~> 0.5)
      tty-screen (~> 0.8)
    tty-prompt (0.23.1)
      pastel (~> 0.8)
      tty-reader (~> 0.8)
    tty-reader (0.9.0)
      tty-cursor (~> 0.7)
      tty-screen (~> 0.8)
      wisper (~> 2.0)
    tty-screen (0.8.1)
    tzinfo (2.0.6)
      concurrent-ruby (~> 1.0)
    uber (0.1.0)
    uglifier (4.1.19)
      execjs (>= 0.3.0, < 3)
    unf (0.1.4)
      unf_ext
    unf_ext (0.0.7.7)
    unicode-display_width (2.3.0)
    unicode_utils (1.4.0)
    unicorn (6.1.0)
      kgio (~> 2.6)
      raindrops (~> 0.7)
    unicorn-rails (2.2.1)
      rack
      unicorn
    uniform_notifier (1.17.0)
    version_gem (1.1.3)
    webmock (3.24.0)
      addressable (>= 2.8.0)
      crack (>= 0.3.2)
      hashdiff (>= 0.4.0, < 2.0.0)
    webrick (1.8.2)
    webrobots (0.1.2)
    websocket (1.2.11)
    websocket-driver (0.7.6)
      websocket-extensions (>= 0.1.0)
    websocket-extensions (0.1.5)
    will_paginate (3.3.1)
    wisper (2.0.1)
    with_env (1.1.0)
    xml-simple (1.1.9)
      rexml
    xpath (3.2.0)
      nokogiri (~> 1.8)
    yabeda (0.12.0)
      anyway_config (>= 1.0, < 3)
      concurrent-ruby
      dry-initializer
    yabeda-prometheus-mmap (0.1.1)
      prometheus-client-mmap
      yabeda (~> 0.5)
    yabeda-sidekiq (0.10.0)
      anyway_config (>= 1.3, < 3)
      sidekiq
      yabeda (~> 0.6)
    yard (0.9.36)
    zeitwerk (2.6.18)
    zip-zip (0.3)
      rubyzip (>= 1.0.0)

PLATFORMS
  ruby

DEPENDENCIES
  3scale_client (~> 2.11)
  3scale_time_range (= 0.0.6)
  RedCloth (~> 4.3)
  active-docs!
  active_record_query_trace
  activejob-uniqueness
  activemerchant (~> 1.137)
  activemodel-serializers-xml
  activerecord-oracle_enhanced-adapter (~> 7.1.0)
  acts-as-taggable-on (~> 11.0)
  acts_as_list (~> 0.9.17)
  acts_as_tree (~> 2.9.1)
  addressable
  after_commit_queue (~> 1.1.0)
  analytics-ruby
  audited (~> 5.4.2)
  aws-sdk-rails (~> 3)
  aws-sdk-s3 (~> 1)
  baby_squeel (~> 3.0, >= 3.0.0)
  bcrypt (~> 3.1.7)
  bootsnap (~> 1.16)
  braintree (~> 4.25.0)
  browser
  bugsnag (~> 6.26)
  bullet (~> 7.1.6)
  cancancan (~> 3.6.0)
  capybara (~> 3.40.0)
  childprocess
  chronic
  ci_reporter_shell!
  coffee-rails (~> 5.0)
  colorize
  commonmarker (~> 0.23.10)
  cucumber (~> 7.0)
  cucumber-rails (~> 3.0.0)
  dalli
  database_cleaner
  developer_portal!
  diff-lcs (~> 1.2)
  dotenv-rails (~> 2.7)
  draper (~> 4.0.2)
  email_spec
  equivalent-xml
  escape_utils
  factory_bot_rails (~> 6.2)
  fakefs
  faraday (~> 2.0, <= 2.9)
  font-awesome-rails (~> 4.7.0.5)
  formtastic (~> 5.0)
  hashie
  hiredis-client
  html-pipeline (~> 2.14.3)
  htmlentities (~> 4.3, >= 4.3.4)
  httpclient!
  i18n
  inherited_resources (~> 1.14.0)
  jquery-rails (= 4.6)
  json (~> 2.7, >= 2.7.1)
  json-schema
  json_schemer
  jwt (~> 1.5.2)
  kt-paperclip (~> 7.2)
  kubeclient
  launchy
  letter_opener
  libxml-ruby (~> 5.0)
  license_finder (~> 7.1.0)
  listen
  local-fastimage_resize (~> 3.4.0)
  mail (~> 2.8.1)
  mail_view (~> 2.0.4)
  matrix (~> 0.4.2)
  mechanize
  mimemagic (~> 0.3.10)
  minitest (= 5.10.3)
  minitest-ci
  minitest-reporters
  minitest-stub-const
  mocha
  mysql2 (~> 0.5.3)
  n_plus_one_control
  nokogiri (~> 1.18.9)
  non-stupid-digest-assets (~> 1.0)
  oauth2 (~> 2.0)
  open_id_authentication
  pdf-inspector
  pg (~> 1.3.5)
  pisoni (~> 1.30)
  prawn
  prawn-svg
  prawn-table!
  protected_attributes_continued (~> 1.9.0)
  pry-byebug (>= 3.7.0)
  pry-doc (>= 0.8)
  pry-rails
  pry-shell
  pry-stack_explorer
  rack (~> 2.2.18)
  rack-cors
  rack-no_animations (~> 1.0.3)
  rack-utf8_sanitizer
  rack-x_served_by (~> 0.1.1)
  rails (~> 7.1.5)
  rails-controller-testing (~> 1.0.4)
  rails-observers
  rails_event_store (~> 0.9.0)
  ratelimit
  recaptcha (~> 5.16.0)
  redcarpet (~> 3.5.1)
  redis
  redlock
  reek (= 6.01)
  reform (~> 2.3.0)
  reform-rails (~> 0.2.2)
  rest-client (~> 2.0.2)
  roar-rails
  rspec-html-matchers!
  rspec-rails (~> 7.1)
  rspec_api_documentation
  rspec_junit_formatter
  rubocop (= 1.39)
  rubocop-performance
  rubocop-rails
  ruby-oci8
  ruby-openid
  ruby-prof
  rubyzip (~> 1.3.0)
  sass-rails (~> 5.0.8)
  secure_headers (~> 6.3.0)
  selenium-webdriver (~> 4.25)
  shoulda (~> 4.0)
  sidekiq (~> 7)
  sidekiq-batch (~> 0.2.0)
  sidekiq-cron
  sidekiq-throttled (~> 1.4.0)
  simplecov (~> 0.22.0)
  simplecov-cobertura (~> 2.1)
  slim-rails (~> 3.2)
  sorted_set (~> 1.0)
  sprockets-rails
  state_machines (~> 0.5.0)
  state_machines-activerecord (~> 0.8)
  statsd-ruby
  stripe (~> 5.28.0)
  strong_migrations (~> 2.1.0)
  svg-graph
  swagger-ui_rails!
  swagger-ui_rails2!
  thinking-sphinx (~> 5.6.0)
  ts-datetime-delta
  uglifier
  unicorn
  unicorn-rails
  webmock (~> 3.24.0)
  webrick (~> 1.8.2)
  will_paginate (~> 3.3)
  with_env
  xpath (~> 3.2.0)
  yabeda-prometheus-mmap
  yabeda-sidekiq
  yard
  zip-zip

BUNDLED WITH
   2.3.27
